GEM
  remote: https://rubygems.org/
  specs:
    addressable (2.3.6)
    appium_lib (4.1.0)
      awesome_print (~> 1.2, >= 1.2.0)
      json (~> 1.8, >= 1.8.1)
      nokogiri (~> 1.6.1)
      selenium-webdriver (~> 2.41, >= 2.41.0)
      toml (~> 0.0, >= 0.0.4)
    awesome_print (1.2.0)
    blankslate (2.1.2.4)
    browsermob-proxy (0.1.9)
      childprocess (~> 0.5)
      har
      multi_json (~> 1.0)
      rest-client
    builder (3.2.2)
    childprocess (0.5.3)
      ffi (~> 1.0, >= 1.0.11)
    cucumber (1.3.16)
      builder (>= 2.1.2)
      diff-lcs (>= 1.1.3)
      gherkin (~> 2.12)
      multi_json (>= 1.7.5, < 2.0)
      multi_test (>= 0.1.1)
    data_magic (0.19)
      faker (>= 1.1.2)
      yml_reader (>= 0.3)
    diff-lcs (1.2.5)
    facets (2.9.3)
    faker (1.4.3)
      i18n (~> 0.5)
    ffi (1.9.3)
    fig_newton (0.10)
      yml_reader (>= 0.3)
    gherkin (2.12.2)
      multi_json (~> 1.3)
    har (0.1.0)
      jschematic (>= 0.1.0)
      json
      launchy (>= 0.3.7)
    headless (1.0.2)
    i18n (0.6.11)
    jschematic (0.1.0)
      addressable
    json (1.8.1)
    launchy (2.4.2)
      addressable (~> 2.3)
    mime-types (2.3)
    mini_portile (0.6.0)
    multi_json (1.10.1)
    multi_test (0.1.1)
    netrc (0.7.7)
    nokogiri (1.6.3.1)
      mini_portile (= 0.6.0)
    page-object (1.0.2)
      page_navigation (>= 0.9)
      selenium-webdriver (>= 2.42.0)
      watir-webdriver (>= 0.6.9)
    page_navigation (0.9)
      data_magic (>= 0.14)
    parslet (1.5.0)
      blankslate (~> 2.0)
    rest-client (1.7.2)
      mime-types (>= 1.16, < 3.0)
      netrc (~> 0.7)
    rspec (3.0.0)
      rspec-core (~> 3.0.0)
      rspec-expectations (~> 3.0.0)
      rspec-mocks (~> 3.0.0)
    rspec-core (3.0.4)
      rspec-support (~> 3.0.0)
    rspec-expectations (3.0.4)
      diff-lcs (>= 1.2.0, < 2.0)
      rspec-support (~> 3.0.0)
    rspec-mocks (3.0.4)
      rspec-support (~> 3.0.0)
    rspec-support (3.0.4)
    rubyzip (1.1.6)
    selenium-webdriver (2.42.0)
      childprocess (>= 0.5.0)
      multi_json (~> 1.0)
      rubyzip (~> 1.0)
      websocket (~> 1.0.4)
    slowhandcuke (0.0.3)
      cucumber
    toml (0.1.1)
      parslet (~> 1.5.0)
    watir-scroll (0.1.0)
      watir-webdriver
    watir-webdriver (0.6.10)
      selenium-webdriver (>= 2.18.0)
    watir-webdriver-performance (0.2.4)
      watir-webdriver
      watir-webdriver
    webdriver-user-agent (7.1)
      facets
      json
      selenium-webdriver
    websocket (1.0.7)
    yml_reader (0.3)

PLATFORMS
  ruby

DEPENDENCIES
  appium_lib
  browsermob-proxy
  cucumber
  fig_newton
  headless
  page-object
  rspec
  selenium-webdriver
  slowhandcuke
  watir-scroll
  watir-webdriver
  watir-webdriver-performance
  webdriver-user-agent
